GIT
  remote: git://github.com/cezarsa/goodreads.git
  revision: 40098efacd18824ce8cd3de34e77e674ff287942
  specs:
    goodreads (0.3.0)
      activesupport (>= 3.0)
      hashie (~> 2.0)
      i18n (~> 0.5)
      oauth (~> 0.4)
      rest-client (~> 1.6)

GIT
  remote: git://github.com/mongoid/mongoid.git
  revision: 808f6c12afa2c44c07dd602a668738a9b2490c5b
  specs:
    mongoid (4.0.0)
      activemodel (~> 4.0)
      moped (~> 2.0.0)
      origin (~> 2.1)
      tzinfo (>= 0.3.37)

GEM
  remote: https://rubygems.org/
  specs:
    activemodel (4.2.0)
      activesupport (= 4.2.0)
      builder (~> 3.1)
    activesupport (4.2.0)
      i18n (~> 0.7)
      json (~> 1.7, >= 1.7.7)
      minitest (~> 5.1)
      thread_safe (~> 0.3, >= 0.3.4)
      tzinfo (~> 1.1)
    asin (2.0.1)
      confiture (>= 0.1)
      crack (>= 0.3)
      hashie (>= 1.1)
      httpi (>= 0.9)
      rash (>= 0.4)
    backports (3.6.4)
    bson (2.3.0-java)
    builder (3.2.2)
    columnize (0.9.0)
    confiture (0.1.4)
    connection_pool (2.1.0)
    crack (0.4.2)
      safe_yaml (~> 1.0.0)
    domain_name (0.5.23)
      unf (>= 0.0.5, < 1.0.0)
    hashie (2.0.5)
    http-cookie (1.0.2)
      domain_name (~> 0.5)
    httpclient (2.5.3.3)
    httpi (2.3.0)
      rack
    i18n (0.7.0)
    json (1.8.1-java)
    macaddr (1.7.1)
      systemu (~> 2.6.2)
    mechanize (2.7.3)
      domain_name (~> 0.5, >= 0.5.1)
      http-cookie (~> 1.0)
      mime-types (~> 2.0)
      net-http-digest_auth (~> 1.1, >= 1.1.1)
      net-http-persistent (~> 2.5, >= 2.5.2)
      nokogiri (~> 1.4)
      ntlm-http (~> 0.1, >= 0.1.1)
      webrobots (>= 0.0.9, < 0.2)
    mime-types (2.4.3)
    minitest (5.5.0)
    moped (2.0.2)
      bson (~> 2.2)
      connection_pool (~> 2.0)
      optionable (~> 0.2.0)
    multi_json (1.10.1)
    multi_xml (0.5.5)
    net-http-digest_auth (1.4)
    net-http-persistent (2.9.4)
    netrc (0.10.2)
    nokogiri (1.6.5-java)
    ntlm-http (0.1.1)
    oauth (0.4.7)
    omniauth (1.2.2)
      hashie (>= 1.2, < 4)
      rack (~> 1.0)
    omniauth-goodreads (0.1.3)
      omniauth-goodreads
    omniauth-oauth (1.0.1)
      oauth
      omniauth (~> 1.0)
    optionable (0.2.0)
    origin (2.1.1)
    puma (2.10.2-java)
      rack (>= 1.1, < 2.0)
    rack (1.6.0)
    rack-protection (1.5.3)
      rack
    rack-test (0.6.2)
      rack (>= 1.0)
    rash (0.4.0)
      hashie (~> 2.0.0)
    rest-client (1.7.2)
      mime-types (>= 1.16, < 3.0)
      netrc (~> 0.7)
    ruby-debug (0.10.4)
      columnize (>= 0.1)
      ruby-debug-base (~> 0.10.4.0)
    ruby-debug-base (0.10.4-java)
    rubyntlm (0.3.4)
    safe_yaml (1.0.4)
    sinatra (1.4.5)
      rack (~> 1.4)
      rack-protection (~> 1.4)
      tilt (~> 1.3, >= 1.3.4)
    sinatra-contrib (1.4.2)
      backports (>= 2.0)
      multi_json
      rack-protection
      rack-test
      sinatra (~> 1.4.0)
      tilt (~> 1.3)
    sinatra-static-assets (1.0.4)
      sinatra (>= 1.1.0)
    systemu (2.6.4)
    text (1.3.0)
    thread_safe (0.3.4-java)
    tilt (1.4.1)
    tzinfo (1.2.2)
      thread_safe (~> 0.1)
    unf (0.1.4-java)
    uuid (2.3.7)
      macaddr (~> 1.0)
    webrobots (0.1.1)

PLATFORMS
  java

DEPENDENCIES
  asin (~> 2.0)
  bson
  bson_ext
  byebug
  goodreads!
  httpclient
  mechanize
  mongoid!
  multi_xml
  omniauth
  omniauth-goodreads
  omniauth-oauth
  puma
  ruby-debug
  rubyntlm (~> 0.3.2)
  sinatra
  sinatra-contrib
  sinatra-static-assets
  text
  uuid
